GEM
  remote: http://rubygems.org/
  specs:
    activesupport (4.2.6)
      i18n (~> 0.7)
      json (~> 1.7, >= 1.7.7)
      minitest (~> 5.1)
      thread_safe (~> 0.3, >= 0.3.4)
      tzinfo (~> 1.1)
    aws-sdk (1.60.1)
      aws-sdk-v1 (= 1.60.1)
    aws-sdk-v1 (1.60.1)
      json (~> 1.4)
      nokogiri (>= 1.4.4)
    byebug (3.1.2)
      columnize (~> 0.8)
      debugger-linecache (~> 1.2)
    claide (1.0.0)
    cocoapods (1.1.0.beta.1)
      activesupport (>= 4.0.2, < 5)
      claide (>= 1.0.0, < 2.0)
      cocoapods-core (= 1.1.0.beta.1)
      cocoapods-deintegrate (>= 1.0.0, < 2.0)
      cocoapods-downloader (>= 1.1.0, < 2.0)
      cocoapods-plugins (>= 1.0.0, < 2.0)
      cocoapods-search (>= 1.0.0, < 2.0)
      cocoapods-stats (>= 1.0.0, < 2.0)
      cocoapods-trunk (>= 1.0.0, < 2.0)
      cocoapods-try (>= 1.1.0, < 2.0)
      colored (~> 1.2)
      escape (~> 0.0.4)
      fourflusher (~> 1.0.1)
      gh_inspector (~> 1.0)
      molinillo (~> 0.5.0)
      nap (~> 1.0)
      xcodeproj (>= 1.2.0, < 2.0)
    cocoapods-core (1.1.0.beta.1)
      activesupport (>= 4.0.2)
      fuzzy_match (~> 2.0.4)
      nap (~> 1.0)
    cocoapods-deintegrate (1.0.0)
    cocoapods-downloader (1.1.0)
    cocoapods-plugins (1.0.0)
      nap
    cocoapods-search (1.0.0)
    cocoapods-stats (1.0.0)
    cocoapods-trunk (1.0.0)
      nap (>= 0.8, < 2.0)
      netrc (= 0.7.8)
    cocoapods-try (1.1.0)
    colored (1.2)
    columnize (0.8.9)
    commander (4.2.1)
      highline (~> 1.6.11)
    debugger-linecache (1.2.0)
    dotenv (0.11.1)
      dotenv-deployment (~> 0.0.2)
    dotenv-deployment (0.0.2)
    escape (0.0.4)
    faraday (0.8.9)
      multipart-post (~> 1.2.0)
    faraday_middleware (0.9.1)
      faraday (>= 0.7.4, < 0.10)
    fourflusher (1.0.1)
    fuzzy_match (2.0.4)
    gh_inspector (1.0.2)
    highline (1.6.21)
    i18n (0.7.0)
    json (1.8.1)
    mini_portile (0.6.1)
    minitest (5.9.0)
    molinillo (0.5.0)
    multipart-post (1.2.0)
    nap (1.1.0)
    net-sftp (2.1.2)
      net-ssh (>= 2.6.5)
    net-ssh (2.9.1)
    netrc (0.7.8)
    nokogiri (1.6.5)
      mini_portile (~> 0.6.0)
    plist (3.1.0)
    rake (10.3.2)
    rouge (1.10.1)
    rubyzip (1.1.6)
    security (0.1.3)
    shenzhen (0.10.2)
      aws-sdk (~> 1.0)
      commander (~> 4.1)
      dotenv (~> 0.7)
      faraday (~> 0.8.9)
      faraday_middleware (~> 0.9)
      json (~> 1.8)
      net-sftp (~> 2.1.2)
      plist (~> 3.1.0)
      rubyzip (~> 1.1)
      security (~> 0.1.3)
      terminal-table (~> 1.4.5)
    slack-notifier (0.6.0)
    terminal-table (1.4.5)
    thread_safe (0.3.5)
    tzinfo (1.2.2)
      thread_safe (~> 0.1)
    xcodeproj (1.2.0)
      activesupport (>= 3)
      claide (>= 1.0.0, < 2.0)
      colored (~> 1.2)
    xcpretty (0.2.2)
      rouge (~> 1.8)
    xctasks (0.2.2)

PLATFORMS
  ruby

DEPENDENCIES
  byebug
  cocoapods (~> 1.1.0.beta.1)
  plist (~> 3.1.0)
  rake (~> 10.3.2)
  shenzhen (= 0.10.2)
  slack-notifier (~> 0.6.0)
  xcpretty (~> 0.2.2)
  xctasks (~> 0.2.2)

RUBY VERSION
   ruby 2.2.2p95

BUNDLED WITH
   1.13.6
